GEM
  remote: http://rubygems.org/
  specs:
    atk (1.1.4)
      glib2 (>= 1.1.4)
    cairo (1.12.2)
      pkg-config
    gdk_pixbuf2 (1.1.4)
      glib2 (>= 1.1.4)
    glib2 (1.1.4)
      pkg-config
    gtk2 (1.1.4)
      atk (>= 1.1.4)
      gdk_pixbuf2 (>= 1.1.4)
      pango (>= 1.1.4)
    pango (1.1.4)
      cairo (>= 1.10.0)
      glib2 (>= 1.1.4)
    pkg-config (1.1.3)

PLATFORMS
  ruby

DEPENDENCIES
  gtk2
