GEM
  remote: http://rubygems.org/
  specs:
    activemodel (3.2.8)
      activesupport (= 3.2.8)
      builder (~> 3.0.0)
    activerecord (3.2.8)
      activemodel (= 3.2.8)
      activesupport (= 3.2.8)
      arel (~> 3.0.2)
      tzinfo (~> 0.3.29)
    activesupport (3.2.8)
      i18n (~> 0.6)
      multi_json (~> 1.0)
    addressable (2.3.2)
    arel (3.0.2)
    async-rack (0.4.0.1)
      rack (>= 1.1.0)
    awesome_print (1.1.0)
    backports (2.6.4)
    builder (3.0.4)
    clean_test (1.0.0)
      faker
    coderay (1.0.8)
    em-synchrony (1.0.2)
      eventmachine (>= 1.0.0.beta.1)
    em-websocket (0.3.8)
      addressable (>= 2.1.1)
      eventmachine (>= 0.12.9)
    eventmachine (1.0.0)
    faker (1.1.2)
      i18n (~> 0.5)
    goliath (1.0.1)
      async-rack
      em-synchrony (>= 1.0.0)
      em-websocket
      eventmachine (>= 1.0.0.beta.4)
      http_parser.rb (= 0.5.3)
      log4r
      multi_json
      rack (>= 1.2.2)
      rack-contrib
      rack-respond_to
    grape (0.2.2)
      activesupport
      hashie (~> 1.2)
      multi_json (>= 1.3.2)
      multi_xml
      rack
      rack-accept
      rack-mount
      virtus
    hashie (1.2.0)
    http_parser.rb (0.5.3)
    i18n (0.6.1)
    log4r (1.1.10)
    method_source (0.8.1)
    multi_json (1.5.0)
    multi_xml (0.5.1)
    mysql2 (0.3.21)
    pry (0.9.10)
      coderay (~> 1.0.5)
      method_source (~> 0.8)
      slop (~> 3.3.1)
    rack (2.0.8)
    rack-accept (0.4.5)
      rack (>= 0.4)
    rack-accept-media-types (0.9)
    rack-contrib (2.1.0)
      rack (~> 2.0)
    rack-mount (0.8.3)
      rack (>= 1.0.0)
    rack-respond_to (0.9.8)
      rack-accept-media-types (>= 0.6)
    rack-test (0.6.2)
      rack (>= 1.0)
    rake (0.9.2.2)
    slim (1.3.3)
      temple (~> 0.5.5)
      tilt (~> 1.3.3)
    slop (3.3.3)
    sqlite3 (1.3.6)
    temple (0.5.5)
    tilt (1.3.3)
    tzinfo (0.3.33)
    virtus (0.5.2)
      backports (~> 2.6.1)

PLATFORMS
  ruby

DEPENDENCIES
  activerecord
  awesome_print
  clean_test
  em-synchrony
  goliath
  grape
  mysql2
  pry
  rack-test
  rake
  slim
  sqlite3
