GEM
  remote: http://rubygems.org/
  specs:
    activemodel (3.2.6)
      activesupport (= 3.2.6)
      builder (~> 3.0.0)
    activerecord (3.2.6)
      activemodel (= 3.2.6)
      activesupport (= 3.2.6)
      arel (~> 3.0.2)
      tzinfo (~> 0.3.29)
    activesupport (3.2.6)
      i18n (~> 0.6)
      multi_json (~> 1.0)
    arel (3.0.2)
    async-rack (0.5.1)
      rack (~> 1.1)
    builder (3.0.0)
    clean_test (1.0.0)
      faker
    em-synchrony (1.0.2)
      eventmachine (>= 1.0.0.beta.1)
    eventmachine (1.0.0.rc.4)
    faker (1.0.1)
      i18n (~> 0.4)
    goliath (0.9.4)
      async-rack
      em-synchrony (>= 1.0.0)
      eventmachine (>= 1.0.0.beta.3)
      http_parser.rb
      http_router (~> 0.9.0)
      log4r
      multi_json
      rack (>= 1.2.2)
      rack-contrib
      rack-respond_to
    http_parser.rb (0.5.3)
    http_router (0.9.7)
      rack (>= 1.0.0)
      url_mount (~> 0.2.1)
    i18n (0.6.0)
    log4r (1.1.10)
    multi_json (1.3.6)
    mysql2 (0.3.11)
    rack (1.4.1)
    rack-accept-media-types (0.9)
    rack-contrib (1.1.0)
      rack (>= 0.9.1)
    rack-respond_to (0.9.8)
      rack-accept-media-types (>= 0.6)
    slim (1.2.2)
      temple (~> 0.4.0)
      tilt (~> 1.3.3)
    sqlite3 (1.3.6)
    temple (0.4.0)
    tilt (1.3.3)
    tzinfo (0.3.33)
    url_mount (0.2.1)
      rack

PLATFORMS
  ruby

DEPENDENCIES
  activerecord
  clean_test
  em-synchrony
  goliath
  mysql2
  slim
  sqlite3
